GEM
  remote: https://rubygems.org/
  specs:
    coderay (1.1.1)
    commander (4.4.3)
      highline (~> 1.7.2)
    distribution (0.7.3)
    file-tail (1.0.12)
      tins (~> 0.5)
    highline (1.7.8)
    method_source (0.8.2)
    nio4r (2.0.0)
    pry (0.10.4)
      coderay (~> 1.1.0)
      method_source (~> 0.8.1)
      slop (~> 3.4)
    rjb (1.5.5)
    ruby-spark (1.2.1)
      commander
      distribution
      method_source
      nio4r
      pry
      rjb
      sourcify (= 0.6.0.rc4)
    ruby2ruby (1.3.1)
      ruby_parser (~> 2.0)
      sexp_processor (~> 3.0)
    ruby_parser (2.3.1)
      sexp_processor (~> 3.0)
    sexp_processor (3.2.0)
    slop (3.6.0)
    sourcify (0.6.0.rc4)
      file-tail (~> 1.0.10)
      ruby2ruby (~> 1.3.1)
      ruby_parser (~> 2.3.1)
      sexp_processor (~> 3.2.0)
    tins (0.13.2)

PLATFORMS
  ruby

DEPENDENCIES
  ruby-spark (= 1.2.1)

BUNDLED WITH
   1.13.7
